GEM
  remote: https://rubygems.org/
  specs:
    activemodel (3.2.13)
      activesupport (= 3.2.13)
      builder (~> 3.0.0)
    activesupport (3.2.13)
      i18n (= 0.6.1)
      multi_json (~> 1.0)
    bson (1.9.0)
    bson_ext (1.9.0)
      bson (~> 1.9.0)
    builder (3.0.4)
    chunky_png (1.2.8)
    coffee-script (2.2.0)
      coffee-script-source
      execjs
    coffee-script-source (1.6.2)
    compass (0.12.2)
      chunky_png (~> 1.2)
      fssm (>= 0.2.7)
      sass (~> 3.1)
    compass-h5bp (0.1.1)
      compass
    execjs (1.4.0)
      multi_json (~> 1.0)
    fssm (0.2.10)
    httparty (0.11.0)
      multi_json (~> 1.0)
      multi_xml (>= 0.5.2)
    i18n (0.6.1)
    jsmin (1.0.1)
    json (1.8.0)
    mongo (1.9.0)
      bson (~> 1.9.0)
    mongoid (3.1.4)
      activemodel (~> 3.2)
      moped (~> 1.4)
      origin (~> 1.0)
      tzinfo (~> 0.3.22)
    moped (1.5.0)
    multi_json (1.7.7)
    multi_xml (0.5.3)
    mustache (0.99.4)
    newrelic_rpm (3.6.2.96)
    origin (1.1.0)
    puma (2.13.4)
    rack (1.2.2)
    rack-test (0.6.2)
      rack (>= 1.0)
    sass (3.2.9)
    sinatra (1.2.6)
      rack (~> 1.1)
      tilt (>= 1.2.2, < 2.0)
    sinatra-assetpack (0.2.7)
      jsmin
      rack-test
      sinatra
      tilt (>= 1.3.0)
    sinatra-support (1.2.2)
      sinatra (>= 1.0)
    tilt (1.3)
    tzinfo (0.3.37)

PLATFORMS
  ruby

DEPENDENCIES
  bson_ext
  coffee-script
  compass
  compass-h5bp
  httparty
  json
  mongo
  mongoid (= 3.1.4)
  mustache
  newrelic_rpm
  puma
  sinatra
  sinatra-assetpack
  sinatra-support

BUNDLED WITH
   1.10.6
